PATH
  remote: .
  specs:
    signpost (0.1.0)
      inflecto
      mustermann (~> 0.4)

GEM
  remote: https://rubygems.org/
  specs:
    coderay (1.1.0)
    diff-lcs (1.2.5)
    inflecto (0.0.2)
    method_source (0.8.2)
    mustermann (0.4.0)
      tool (~> 0.2)
    pry (0.10.1)
      coderay (~> 1.1.0)
      method_source (~> 0.8.1)
      slop (~> 3.4)
    rack (1.5.2)
    rspec (3.1.0)
      rspec-core (~> 3.1.0)
      rspec-expectations (~> 3.1.0)
      rspec-mocks (~> 3.1.0)
    rspec-core (3.1.7)
      rspec-support (~> 3.1.0)
    rspec-expectations (3.1.2)
      diff-lcs (>= 1.2.0, < 2.0)
      rspec-support (~> 3.1.0)
    rspec-mocks (3.1.3)
      rspec-support (~> 3.1.0)
    rspec-support (3.1.2)
    slop (3.6.0)
    tool (0.2.3)

PLATFORMS
  ruby

DEPENDENCIES
  pry
  rack
  rspec (~> 3.0)
  signpost!
